PATH
  remote: .
  specs:
    quickbooks-payments (0.0.1)
      oauth (~> 0.4)

GEM
  remote: https://rubygems.org/
  specs:
    awesome_print (1.6.1)
    coderay (1.1.0)
    diff-lcs (1.2.5)
    ffi (1.9.10)
    formatador (0.2.5)
    guard (2.12.8)
      formatador (>= 0.2.4)
      listen (>= 2.7, <= 4.0)
      lumberjack (~> 1.0)
      nenv (~> 0.1)
      notiffany (~> 0.0)
      pry (>= 0.9.12)
      shellany (~> 0.0)
      thor (>= 0.18.1)
    guard-compat (1.2.1)
    guard-rspec (4.6.0)
      guard (~> 2.1)
      guard-compat (~> 1.1)
      rspec (>= 2.99.0, < 4.0)
    listen (3.0.1)
      rb-fsevent (>= 0.9.3)
      rb-inotify (>= 0.9)
    lumberjack (1.0.9)
    method_source (0.8.2)
    nenv (0.2.0)
    notiffany (0.0.6)
      nenv (~> 0.1)
      shellany (~> 0.0)
    oauth (0.4.7)
    pry (0.10.1)
      coderay (~> 1.1.0)
      method_source (~> 0.8.1)
      slop (~> 3.4)
    rake (10.4.2)
    rb-fsevent (0.9.5)
    rb-inotify (0.9.5)
      ffi (>= 0.5.0)
    rspec (3.3.0)
      rspec-core (~> 3.3.0)
      rspec-expectations (~> 3.3.0)
      rspec-mocks (~> 3.3.0)
    rspec-core (3.3.1)
      rspec-support (~> 3.3.0)
    rspec-expectations (3.3.0)
      diff-lcs (>= 1.2.0, < 2.0)
      rspec-support (~> 3.3.0)
    rspec-mocks (3.3.1)
      diff-lcs (>= 1.2.0, < 2.0)
      rspec-support (~> 3.3.0)
    rspec-support (3.3.0)
    shellany (0.0.1)
    slop (3.6.0)
    terminal-notifier (1.6.2)
    thor (0.19.1)

PLATFORMS
  ruby

DEPENDENCIES
  awesome_print
  bundler (~> 1.8)
  guard-rspec
  quickbooks-payments!
  rake (~> 10.0)
  rspec (~> 3)
  terminal-notifier
